GEM
  remote: https://rubygems.org/
  specs:
    chunky_png (1.3.12)
    highline (2.0.3)
    qrio (0.0.1)
      chunky_png
    rotp (6.2.0)
    rqrcode (1.1.2)
      chunky_png (~> 1.0)
      rqrcode_core (~> 0.1)
    rqrcode_core (0.1.2)

PLATFORMS
  ruby

DEPENDENCIES
  highline
  qrio
  rotp
  rqrcode

BUNDLED WITH
   2.1.4
