GEM
  remote: https://rubygems.org/
  specs:
    byebug (4.0.5)
      columnize (= 0.9.0)
    colorize (0.7.5)
    columnize (0.9.0)
    rotp (2.1.1)

PLATFORMS
  ruby

DEPENDENCIES
  byebug
  colorize
  rotp
