GEM
  remote: https://rubygems.org/
  specs:
    byebug (4.0.5)
      columnize (= 0.9.0)
    chunky_png (1.3.7)
    colorize (0.7.5)
    columnize (0.9.0)
    rotp (2.1.1)
    rqrcode (0.10.1)
      chunky_png (~> 1.0)

PLATFORMS
  ruby

DEPENDENCIES
  byebug
  colorize
  rotp
  rqrcode
