GEM
  remote: https://rubygems.org/
  specs:
    chunky_png (1.3.10)
    highline (1.7.10)
    qrio (0.0.1)
      chunky_png
    rotp (3.3.1)
    rqrcode (0.10.1)
      chunky_png (~> 1.0)

PLATFORMS
  ruby

DEPENDENCIES
  highline
  qrio
  rotp
  rqrcode

BUNDLED WITH
   1.16.1
