GEM
  remote: https://rubygems.org/
  specs:
    byebug (9.0.6)
    chunky_png (1.3.8)
    qrio (0.0.1)
      chunky_png
    rotp (3.3.0)
    rqrcode (0.10.1)
      chunky_png (~> 1.0)

PLATFORMS
  ruby

DEPENDENCIES
  byebug
  qrio
  rotp
  rqrcode

BUNDLED WITH
   1.13.6
