GEM
  remote: https://rubygems.org/
  specs:
    byebug (4.0.5)
      columnize (= 0.9.0)
    chunky_png (1.3.7)
    columnize (0.9.0)
    rotp (2.1.1)
    qrio (0.0.1)
      chunky_png
    rqrcode (0.10.1)
      chunky_png (~> 1.0)

PLATFORMS
  ruby

DEPENDENCIES
  byebug
  qrio
  rotp
  rqrcode
