GEM
  remote: https://rubygems.org/
  specs:
    addressable (2.5.2)
      public_suffix (>= 2.0.2, < 4.0)
    chunky_png (1.3.10)
    highline (2.0.0)
    public_suffix (3.0.3)
    qrio (0.0.1)
      chunky_png
    rotp (4.0.2)
      addressable (~> 2.5)
    rqrcode (0.10.1)
      chunky_png (~> 1.0)

PLATFORMS
  ruby

DEPENDENCIES
  highline
  qrio
  rotp
  rqrcode

BUNDLED WITH
   1.17.1
